PATH
  remote: .
  specs:
    csv_composer (0.1.0)

GEM
  remote: https://rubygems.org/
  specs:
    abstraction (0.0.4)
    minitest (5.10.3)
    rake (10.5.0)
    rcsv (0.3.1)

PLATFORMS
  ruby

DEPENDENCIES
  abstraction (~> 0.0.4)
  bundler (~> 1.15)
  csv_composer!
  minitest (~> 5.0)
  rake (~> 10.0)
  rcsv (~> 0.3.1)

BUNDLED WITH
   1.15.3
