PATH
  remote: .
  specs:
    csv_composer (1.0.3)

GEM
  remote: https://rubygems.org/
  specs:
    byebug (11.0.1)
    minitest (5.10.3)
    rake (10.5.0)

PLATFORMS
  ruby

DEPENDENCIES
  bundler (~> 1.14)
  byebug
  csv_composer!
  minitest (~> 5.0)
  rake (~> 10.0)

BUNDLED WITH
   1.17.2
